GEM
  remote: https://rubygems.org/
  specs:
    aws-sdk (2.2.9)
      aws-sdk-resources (= 2.2.9)
    aws-sdk-core (2.2.9)
      jmespath (~> 1.0)
    aws-sdk-resources (2.2.9)
      aws-sdk-core (= 2.2.9)
    config_env (0.1.0)
    httparty (0.13.7)
      json (~> 1.8)
      multi_xml (>= 0.5.2)
    jmespath (1.1.3)
    json (1.8.3)
    multi_xml (0.5.5)

PLATFORMS
  ruby

DEPENDENCIES
  aws-sdk
  config_env
  httparty

BUNDLED WITH
   1.11.2
